Brain Vision Data Exchange Header File Version 1.0
; Data created from history path: FileFormat/Raw Data/EditChannels/Segmentation

[Common Infos]
Codepage=UTF-8
DataFile=FileFormat_IEEE32_Multiplexed.dat
MarkerFile=FileFormat_IEEE32_Multiplexed.vmrk
DataFormat=BINARY
; Data orientation: VECTORIZED=ch1,pt1, ch1,pt2..., MULTIPLEXED=ch1,pt1, ch2,pt1 ...
DataOrientation=MULTIPLEXED
DataType=TIMEDOMAIN
NumberOfChannels=15
DataPoints=5000
; Sampling interval in microseconds if time domain (convert to Hertz:
; 1000000 / SamplingInterval) or in Hertz if frequency domain:
SamplingInterval=4000
SegmentationType=MARKERBASED
SegmentDataPoints=250

[Binary Infos]
BinaryFormat=IEEE_FLOAT_32

[Channel Infos]
; Each entry: Ch<Channel number>=<Name>,<Reference channel name>,
; <Resolution in "Unit">,<Unit>, Future extensions...
; Fields are delimited by commas, some fields might be omited (empty).
; Commas in channel names are coded as "\1".
Ch1=Fp1,,,µV
Ch2=Fpz,,,µV
Ch3=Fp2,,,µV
Ch4=F3,,,µV
Ch5=Fz,,,µV
Ch6=F4,,,µV
Ch7=C3,,,µV
Ch8=Cz,,,µV
Ch9=C4,,,µV
Ch10=P3,,,µV
Ch11=Pz,,,µV
Ch12=P4,,,µV
Ch13=O1,,,µV
Ch14=Oz,,,µV
Ch15=O2,,,µV

[Coordinates]
; Each entry: Ch<Channel number>=<Radius>,<Theta>,<Phi>
Ch1=1,-92,-72
Ch2=1,92,90
Ch3=1,92,72
Ch4=1,-60,-51
Ch5=1,46,90
Ch6=1,60,51
Ch7=1,-46,0
Ch8=1,0,0
Ch9=1,46,0
Ch10=1,-60,51
Ch11=1,46,-90
Ch12=1,60,-51
Ch13=1,-92,72
Ch14=1,92,-90
Ch15=1,92,-72
